GEM
  remote: https://rubygems.org/
  specs:
    activesupport (3.0.12)
    git (1.2.5)
    i18n (0.6.0)
    jeweler (1.8.3)
      bundler (~> 1.0)
      git (>= 1.2.5)
      rake
      rdoc
    json (1.7.3)
    rake (0.9.2.2)
    rdoc (3.12)
      json (~> 1.4)
    shoulda (3.0.1)
      shoulda-context (~> 1.0.0)
      shoulda-matchers (~> 1.0.0)
    shoulda-context (1.0.0)
    shoulda-matchers (1.0.0)
    timecop (0.5.9.2)

PLATFORMS
  ruby

DEPENDENCIES
  activesupport (>= 2.3.5)
  i18n
  jeweler
  shoulda
  timecop
